PATH
  remote: .
  specs:
    rehabilitate (0.4.0)
      commander
      fog
      log4r
      net-scp
      net-ssh
      pluginfactory
      rehabilitate

GEM
  remote: http://rubygems.org/
  specs:
    builder (3.0.0)
    commander (4.0.3)
      highline (>= 1.5.0)
    excon (0.5.6)
    fog (0.6.0)
      builder
      excon (>= 0.5.5)
      formatador (>= 0.0.16)
      json
      mime-types
      net-ssh (>= 2.0.23)
      nokogiri (>= 1.4.4)
      ruby-hmac
    formatador (0.0.16)
    highline (1.6.1)
    json (1.5.1)
    log4r (1.1.8)
    mime-types (1.16)
    net-scp (1.0.4)
      net-ssh (>= 1.99.1)
    net-ssh (2.0.23)
    nokogiri (1.4.4)
    pluginfactory (1.0.7)
    ruby-hmac (0.4.0)

PLATFORMS
  ruby

DEPENDENCIES
  rehabilitate!
