PATH
  remote: .
  specs:
    rehabilitate (0.4.7)
      commander (~> 4.0.4)
      fog (~> 0.10.0)
      log4r (~> 1.1.9)
      net-scp (~> 1.0.4)
      net-ssh (~> 2.1.4)
      pluginfactory (~> 1.0.7)

GEM
  remote: http://rubygems.org/
  specs:
    builder (3.2.4)
    commander (4.0.5)
      highline (>= 1.5.0)
    excon (0.6.6)
    fog (0.10.0)
      builder
      excon (~> 0.6.5)
      formatador (~> 0.2.0)
      mime-types
      multi_json (~> 1.0.3)
      net-scp (~> 1.0.4)
      net-ssh (~> 2.1.4)
      nokogiri (~> 1.5.0)
      ruby-hmac
    formatador (0.2.5)
    highline (2.0.3)
    log4r (1.1.10)
    mime-types (3.4.1)
      mime-types-data (~> 3.2015)
    mime-types-data (3.2022.0105)
    multi_json (1.0.4)
    net-scp (1.0.4)
      net-ssh (>= 1.99.1)
    net-ssh (2.1.4)
    nokogiri (1.5.11)
    pluginfactory (1.0.8)
    ruby-hmac (0.4.0)

PLATFORMS
  ruby

DEPENDENCIES
  rehabilitate!
