GEM
  remote: http://rubygems.org/
  specs:
    builder (3.0.0)
    commander (4.0.3)
      highline (>= 1.5.0)
    echoe (4.3.1)
      gemcutter
      rubyforge
    excon (0.4.0)
    fog (0.3.25)
      builder
      excon (>= 0.2.4)
      formatador (>= 0.0.16)
      json
      mime-types
      net-ssh (~> 2.0.23)
      nokogiri (~> 1.4.3.1)
      ruby-hmac
    formatador (0.0.16)
    gemcutter (0.6.1)
    highline (1.6.1)
    json (1.5.1)
    json_pure (1.5.1)
    log4r (1.1.8)
    mime-types (1.16)
    net-scp (1.0.4)
      net-ssh (>= 1.99.1)
    net-ssh (2.0.23)
    nokogiri (1.4.3.1)
    pluginfactory (1.0.7)
    ruby-hmac (0.4.0)
    rubyforge (2.0.4)
      json_pure (>= 1.1.7)

PLATFORMS
  ruby

DEPENDENCIES
  commander (= 4.0.3)
  echoe (= 4.3.1)
  excon (= 0.4.0)
  fog (= 0.3.25)
  log4r (= 1.1.8)
  net-scp (= 1.0.4)
  net-ssh (= 2.0.23)
  pluginfactory (= 1.0.7)
